GEM
  remote: https://rubygems.org/
  specs:
    byebug (9.0.6)
    coderay (1.1.1)
    method_source (0.8.2)
    pry (0.10.4)
      coderay (~> 1.1.0)
      method_source (~> 0.8.1)
      slop (~> 3.4)
    pry-byebug (3.4.2)
      byebug (~> 9.0)
      pry (~> 0.10)
    slop (3.6.0)
    smarter_csv (1.1.4)

PLATFORMS
  ruby

DEPENDENCIES
  pry-byebug!
  smarter_csv!

RUBY VERSION
   ruby 2.4.0p0

BUNDLED WITH
   1.14.5
